GEM
  remote: http://rubygems.org/
  specs:
    bio (1.4.1)
    clbustos-rtf (0.4.2)
    diff-lcs (1.1.2)
    dirty-memoize (0.0.4)
    extendmatrix (0.3.1)
    fastercsv (1.5.4)
    git (1.2.5)
    jeweler (1.5.2)
      bundler (~> 1.0.0)
      git (>= 1.2.5)
      rake
    minimization (0.2.1)
      text-table (~> 1.2)
    prawn (0.8.4)
      prawn-core (< 0.9, >= 0.8.4)
      prawn-layout (< 0.9, >= 0.8.4)
      prawn-security (< 0.9, >= 0.8.4)
    prawn-core (0.8.4)
    prawn-layout (0.8.4)
    prawn-security (0.8.4)
    prawn-svg (0.9.1.10)
      prawn (>= 0.8.4)
      prawn-core (>= 0.8.4)
    rake (0.8.7)
    rcov (0.9.9)
    reportbuilder (1.4.1)
      clbustos-rtf (~> 0.4.0)
      prawn (~> 0.8.4)
      prawn-svg (~> 0.9.1)
      text-table (~> 1.2)
    require_all (1.2.0)
    rspec (2.6.0)
      rspec-core (~> 2.6.0)
      rspec-expectations (~> 2.6.0)
      rspec-mocks (~> 2.6.0)
    rspec-core (2.6.2)
    rspec-expectations (2.6.0)
      diff-lcs (~> 1.1.2)
    rspec-mocks (2.6.0)
    ruby-ole (1.2.11.1)
    rubyvis (0.5.0)
    shoulda (2.11.3)
    spreadsheet (0.6.5.4)
      ruby-ole (>= 1.0)
    statsample (0.15.1)
      dirty-memoize (~> 0.0)
      extendmatrix (~> 0.3.1)
      fastercsv
      minimization (~> 0.2.0)
      reportbuilder (~> 1.0)
      spreadsheet (~> 0.6.0)
      statsample-bivariate-extension (~> 0.13.0)
      svg-graph (~> 1.0)
    statsample-bivariate-extension (0.13.4)
    svg-graph (1.0.1)
    text-table (1.2.2)
    timecop (0.3.5)

PLATFORMS
  ruby

DEPENDENCIES
  bio (>= 1.4.1)
  bundler (~> 1.0.0)
  jeweler (~> 1.5.2)
  rcov
  require_all
  rspec (>= 2.5.0)
  rubyvis
  shoulda
  statsample
  timecop
